GEM
  remote: https://rubygems.org/
  specs:
    curb (0.9.6)

PLATFORMS
  ruby

DEPENDENCIES
  curb

BUNDLED WITH
   1.16.2
